GEM
  remote: http://rubygems.org/
  specs:
    backports (3.3.0)
    damerau-levenshtein (1.0.2)
    eventmachine (1.0.3)
    haml (4.0.2)
      tilt
    httparty (0.11.0)
      multi_json (~> 1.0)
      multi_xml (>= 0.5.2)
    json (1.8.0)
    multi_json (1.7.3)
    multi_xml (0.5.3)
    nokogiri (1.5.9)
    rack (1.5.2)
    rack-protection (1.5.0)
      rack
    rack-test (0.6.2)
      rack (>= 1.0)
    sinatra (1.4.2)
      rack (~> 1.5, >= 1.5.2)
      rack-protection (~> 1.4)
      tilt (~> 1.3, >= 1.3.4)
    sinatra-contrib (1.4.0)
      backports (>= 2.0)
      eventmachine
      rack-protection
      rack-test
      sinatra (~> 1.4.2)
      tilt (~> 1.3)
    tilt (1.4.1)

PLATFORMS
  ruby

DEPENDENCIES
  damerau-levenshtein (~> 1.0.2)
  haml
  httparty
  json (~> 1.7)
  nokogiri
  sinatra
  sinatra-contrib
